GEM
  remote: https://rubygems.org/
  specs:
    ansi (1.5.0)
    ast (2.4.2)
    oga (3.3)
      ast
      ruby-ll (~> 2.1)
    ruby-ll (2.1.2)
      ansi
      ast

PLATFORMS
  x86_64-linux

DEPENDENCIES
  oga (= 3.3)

BUNDLED WITH
   2.2.15
